GEM
  remote: https://rubygems.org/
  specs:
    activesupport (7.1.3.4)
      base64
      bigdecimal
      concurrent-ruby (~> 1.0, >= 1.0.2)
      connection_pool (>= 2.2.5)
      drb
      i18n (>= 1.6, < 2)
      minitest (>= 5.1)
      mutex_m
      tzinfo (~> 2.0)
    ast (2.4.2)
    base64 (0.2.0)
    bigdecimal (3.1.8)
    coderay (1.1.3)
    concurrent-ruby (1.3.3)
    connection_pool (2.4.1)
    csv (3.3.0)
    drb (2.2.1)
    ffi (1.17.0)
    ffi (1.17.0-aarch64-linux-gnu)
    ffi (1.17.0-aarch64-linux-musl)
    ffi (1.17.0-arm-linux-gnu)
    ffi (1.17.0-arm-linux-musl)
    ffi (1.17.0-arm64-darwin)
    ffi (1.17.0-x86-linux-gnu)
    ffi (1.17.0-x86-linux-musl)
    ffi (1.17.0-x86_64-darwin)
    ffi (1.17.0-x86_64-linux-gnu)
    ffi (1.17.0-x86_64-linux-musl)
    fileutils (1.7.2)
    i18n (1.14.5)
      concurrent-ruby (~> 1.0)
    json (2.7.2)
    language_server-protocol (3.17.0.3)
    lint_roller (1.1.0)
    listen (3.9.0)
      rb-fsevent (~> 0.10, >= 0.10.3)
      rb-inotify (~> 0.9, >= 0.9.10)
    logger (1.6.0)
    method_source (1.1.0)
    minitest (5.24.1)
    msgpack (1.7.2)
    mustermann (2.0.2)
      ruby2_keywords (~> 0.0.1)
    mutex_m (0.2.0)
    parallel (1.25.1)
    parser (3.3.4.1)
      ast (~> 2.4.1)
      racc
    pry (0.14.2)
      coderay (~> 1.1)
      method_source (~> 1.0)
    racc (1.8.1)
    rack (2.2.9)
    rack-protection (2.2.4)
      rack
    rainbow (3.1.1)
    rb-fsevent (0.11.2)
    rb-inotify (0.11.1)
      ffi (~> 1.0)
    rbs (3.5.2)
      logger
    regexp_parser (2.9.2)
    rexml (3.3.4)
      strscan
    rubocop (1.52.1)
      json (~> 2.3)
      parallel (~> 1.10)
      parser (>= 3.2.2.3)
      rainbow (>= 2.2.2, < 4.0)
      regexp_parser (>= 1.8, < 3.0)
      rexml (>= 3.2.5, < 4.0)
      rubocop-ast (>= 1.28.0, < 2.0)
      ruby-progressbar (~> 1.7)
      unicode-display_width (>= 2.4.0, < 3.0)
    rubocop-ast (1.32.0)
      parser (>= 3.3.1.0)
    rubocop-performance (1.18.0)
      rubocop (>= 1.7.0, < 2.0)
      rubocop-ast (>= 0.4.0)
    ruby-progressbar (1.13.0)
    ruby2_keywords (0.0.5)
    securerandom (0.3.1)
    sinatra (2.2.4)
      mustermann (~> 2.0)
      rack (~> 2.2)
      rack-protection (= 2.2.4)
      tilt (~> 2.0)
    standard (1.29.0)
      language_server-protocol (~> 3.17.0.2)
      lint_roller (~> 1.0)
      rubocop (~> 1.52.0)
      standard-custom (~> 1.0.0)
      standard-performance (~> 1.1.0)
    standard-custom (1.0.2)
      lint_roller (~> 1.0)
      rubocop (~> 1.50)
    standard-performance (1.1.2)
      lint_roller (~> 1.1)
      rubocop-performance (~> 1.18.0)
    steep (1.4.0)
      activesupport (>= 5.1)
      concurrent-ruby (>= 1.2.2)
      csv (>= 3.0.9)
      fileutils (>= 1.1.0)
      json (>= 2.1.0)
      language_server-protocol (>= 3.15, < 4.0)
      listen (~> 3.0)
      logger (>= 1.3.0)
      parser (>= 3.1)
      rainbow (>= 2.2.2, < 4.0)
      rbs (>= 2.8.0)
      securerandom (>= 0.1)
      strscan (>= 1.0.0)
      terminal-table (>= 2, < 4)
    strscan (3.1.0)
    terminal-table (3.0.2)
      unicode-display_width (>= 1.1.1, < 3)
    tilt (2.4.0)
    tzinfo (2.0.6)
      concurrent-ruby (~> 1.0)
    unicode-display_width (2.5.0)
    webrick (1.8.1)

PLATFORMS
  aarch64-linux-gnu
  aarch64-linux-musl
  arm-linux-gnu
  arm-linux-musl
  arm64-darwin
  ruby
  x86-linux-gnu
  x86-linux-musl
  x86_64-darwin
  x86_64-linux-gnu
  x86_64-linux-musl

DEPENDENCIES
  json
  msgpack
  pry
  rack (~> 2.2)
  rbs
  sinatra (~> 2.1)
  standard (~> 1.29.0)
  steep (~> 1.4.0)
  webrick (~> 1.8.0)

BUNDLED WITH
   2.5.11
